PATH
  remote: .
  specs:
    apruve (0.0.1)
      addressable (~> 2.3.5)
      faraday (>= 0.8.6, <= 0.9.0)
      faraday_middleware (~> 0.9.0)

GEM
  remote: https://rubygems.org/
  specs:
    addressable (2.3.6)
    coderay (1.1.0)
    crack (0.4.2)
      safe_yaml (~> 1.0.0)
    debugger-ruby_core_source (1.3.2)
    diff-lcs (1.2.5)
    faker (1.3.0)
      i18n (~> 0.5)
    faraday (0.9.0)
      multipart-post (>= 1.2, < 3)
    faraday_middleware (0.9.1)
      faraday (>= 0.7.4, < 0.10)
    ffi (1.9.3)
    guard (1.6.2)
      listen (>= 0.6.0)
      lumberjack (>= 1.0.2)
      pry (>= 0.9.10)
      terminal-table (>= 1.4.3)
      thor (>= 0.14.6)
    guard-rspec (2.4.1)
      guard (>= 1.1)
      rspec (~> 2.11)
    i18n (0.6.9)
    json (1.8.1)
    listen (1.3.1)
      rb-fsevent (>= 0.9.3)
      rb-inotify (>= 0.9)
      rb-kqueue (>= 0.2)
    lumberjack (1.0.5)
    method_source (0.8.2)
    multipart-post (2.0.0)
    net-http-persistent (2.9.4)
    pry (0.9.12.6)
      coderay (~> 1.0)
      method_source (~> 0.8)
      slop (~> 3.4)
    rake (10.0.4)
    rb-fsevent (0.9.4)
    rb-inotify (0.9.4)
      ffi (>= 0.5.0)
    rb-kqueue (0.2.2)
      ffi (>= 0.5.0)
    rspec (2.14.1)
      rspec-core (~> 2.14.0)
      rspec-expectations (~> 2.14.0)
      rspec-mocks (~> 2.14.0)
    rspec-core (2.14.8)
    rspec-expectations (2.14.5)
      diff-lcs (>= 1.1.3, < 2.0)
    rspec-mocks (2.14.6)
    ruby-debug-base19x (0.11.30.pre15)
      debugger-ruby_core_source (> 0)
      rake (>= 0.8.1)
    ruby-debug-ide (0.4.22)
      rake (>= 0.8.1)
    safe_yaml (1.0.3)
    slop (3.5.0)
    terminal-table (1.4.5)
    thor (0.19.1)
    vcr (2.4.0)
    webmock (1.17.4)
      addressable (>= 2.2.7)
      crack (>= 0.3.2)
    yard (0.8.7.4)

PLATFORMS
  ruby

DEPENDENCIES
  addressable
  apruve!
  bundler (~> 1.5)
  faker
  faraday
  faraday_middleware
  guard (~> 1.6.2)
  guard-rspec (~> 2.4.1)
  json
  listen (~> 1.3.1)
  net-http-persistent
  rake (~> 10.0.3)
  rspec (~> 2.14.1)
  ruby-debug-base19x
  ruby-debug-ide
  vcr (~> 2.4.0)
  webmock
  yard
